PATH
  remote: .
  specs:
    scrape_untappd (0.0.0)

GEM
  remote: https://rubygems.org/
  specs:
    coderay (1.1.2)
    method_source (0.9.2)
    mini_portile2 (2.3.0)
    nokogiri (1.8.5)
      mini_portile2 (~> 2.3.0)
    open_uri_redirections (0.2.1)
    pry (0.12.2)
      coderay (~> 1.1.0)
      method_source (~> 0.9.0)
    rake (12.3.2)
    require_all (2.0.0)

PLATFORMS
  ruby

DEPENDENCIES
  nokogiri
  open_uri_redirections
  pry
  rake
  require_all
  scrape_untappd!

BUNDLED WITH
   1.16.4
